PATH
  remote: .
  specs:
    zygote (0.1.2)
      chef-provisioner (= 0.1.7)
      em-http-request (= 1.1.2)
      genesisreactor (= 0.0.5)
      supermodel (= 0.1.6)

GEM
  remote: https://rubygems.org/
  specs:
    activemodel (3.0.20)
      activesupport (= 3.0.20)
      builder (~> 2.1.2)
      i18n (~> 0.5.0)
    activesupport (3.0.20)
    addressable (2.4.0)
    async_sinatra (1.1.0)
      rack (>= 1.4.1)
      sinatra (>= 1.3.2)
    builder (2.1.2)
    byebug (8.2.1)
    chef-api (0.5.0)
      logify (~> 0.1)
      mime-types
    chef-provisioner (0.1.7)
      chef-api (= 0.5.0)
      erubis (= 2.7)
    coderay (1.1.0)
    cookiejar (0.3.3)
    daemons (1.2.3)
    diff-lcs (1.2.5)
    docile (1.1.5)
    em-http-request (1.1.2)
      addressable (>= 2.3.4)
      cookiejar
      em-socksify (>= 0.3)
      eventmachine (>= 1.0.3)
      http_parser.rb (>= 0.6.0)
    em-socksify (0.3.1)
      eventmachine (>= 1.0.0.beta.4)
    em-synchrony (1.0.4)
      eventmachine (>= 1.0.0.beta.1)
    erubis (2.7.0)
    eventmachine (1.2.0.1)
    genesisreactor (0.0.5)
      async_sinatra (= 1.1.0)
      em-synchrony (= 1.0.4)
      snmp (= 1.2.0)
      thin (= 1.6.3)
    http_parser.rb (0.6.0)
    i18n (0.5.4)
    json (1.8.3)
    logify (0.2.0)
    method_source (0.8.2)
    mime-types (3.0)
      mime-types-data (~> 3.2015)
    mime-types-data (3.2016.0221)
    pry (0.10.3)
      coderay (~> 1.1.0)
      method_source (~> 0.8.1)
      slop (~> 3.4)
    pry-byebug (3.3.0)
      byebug (~> 8.0)
      pry (~> 0.10)
    rack (1.6.4)
    rack-protection (1.5.3)
      rack
    rake (10.4.2)
    rspec (3.2.0)
      rspec-core (~> 3.2.0)
      rspec-expectations (~> 3.2.0)
      rspec-mocks (~> 3.2.0)
    rspec-core (3.2.3)
      rspec-support (~> 3.2.0)
    rspec-expectations (3.2.1)
      diff-lcs (>= 1.2.0, < 2.0)
      rspec-support (~> 3.2.0)
    rspec-mocks (3.2.1)
      diff-lcs (>= 1.2.0, < 2.0)
      rspec-support (~> 3.2.0)
    rspec-support (3.2.2)
    simplecov (0.10.0)
      docile (~> 1.1.0)
      json (~> 1.8)
      simplecov-html (~> 0.10.0)
    simplecov-html (0.10.0)
    sinatra (1.4.7)
      rack (~> 1.5)
      rack-protection (~> 1.4)
      tilt (>= 1.3, < 3)
    slop (3.6.0)
    snmp (1.2.0)
    supermodel (0.1.6)
      activemodel (~> 3.0.0)
    thin (1.6.3)
      daemons (~> 1.0, >= 1.0.9)
      eventmachine (~> 1.0)
      rack (~> 1.0)
    tilt (2.0.2)

PLATFORMS
  ruby

DEPENDENCIES
  pry (= 0.10.3)
  pry-byebug (= 3.3.0)
  rake (= 10.4.2)
  rspec (= 3.2.0)
  simplecov (= 0.10.0)
  zygote!

BUNDLED WITH
   1.11.2
